GEM
  remote: https://rubygems.org/
  specs:
    helix_gem (0.1.0)
      helix_runtime (~> 0.7.5)
    helix_runtime (0.7.5)
      rake (>= 10.0)
      thor (>= 0.19.4, < 2.0)
      tomlrb (~> 1.2.4)
    rake (12.3.1)
    thor (0.20.0)
    tomlrb (1.2.7)

PLATFORMS
  ruby

DEPENDENCIES
  helix_gem (~> 0.1.0)

BUNDLED WITH
   1.16.2
